GEM
  remote: https://rubygems.org/
  specs:
    rack (2.0.7)
    require_all (3.0.0)

PLATFORMS
  ruby

DEPENDENCIES
  rack
  require_all

BUNDLED WITH
   2.0.2
